GEM
  remote: https://rubygems.org/
  specs:
    irb (1.0.0)
    table_print (1.5.6)

PLATFORMS
  ruby

DEPENDENCIES
  irb
  table_print (>= 1.5)

RUBY VERSION
   ruby 2.7.0p-1

BUNDLED WITH
   2.0.1
